GEM
  remote: https://rubygems.org/
  specs:
    base64 (0.3.0)
    diff-lcs (1.6.2)
    dotenv (2.8.1)
    event_stream_parser (1.0.0)
    faraday (2.8.1)
      base64
      faraday-net_http (>= 2.0, < 3.1)
      ruby2_keywords (>= 0.0.4)
    faraday-multipart (1.1.1)
      multipart-post (~> 2.0)
    faraday-net_http (3.0.2)
    multipart-post (2.4.1)
    rspec (3.13.1)
      rspec-core (~> 3.13.0)
      rspec-expectations (~> 3.13.0)
      rspec-mocks (~> 3.13.0)
    rspec-core (3.13.5)
      rspec-support (~> 3.13.0)
    rspec-expectations (3.13.5)
      diff-lcs (>= 1.2.0, < 2.0)
      rspec-support (~> 3.13.0)
    rspec-mocks (3.13.5)
      diff-lcs (>= 1.2.0, < 2.0)
      rspec-support (~> 3.13.0)
    rspec-support (3.13.4)
    rspec_junit_formatter (0.6.0)
      rspec-core (>= 2, < 4, != 2.12.0)
    ruby-openai (6.5.0)
      event_stream_parser (>= 0.3.0, < 2.0.0)
      faraday (>= 1)
      faraday-multipart (>= 1)
    ruby2_keywords (0.0.5)

PLATFORMS
  arm64-darwin-23

DEPENDENCIES
  dotenv (~> 2.8)
  rspec (~> 3.12)
  rspec_junit_formatter
  ruby-openai (~> 6.3)

RUBY VERSION
   ruby 2.7.2p137

BUNDLED WITH
   2.3.3
